GIT
  remote: https://github.com/edsu/jekyll-wikidata
  revision: f836a4b2176542abe101d56cc1427ba1b173ebcb
  specs:
    jekyll-wikidata (0.0.9)
      jekyll
      wikidata-client

GEM
  remote: https://rubygems.org/
  specs:
    call-me (0.0.2.3)
      refining
    celluloid (0.16.0)
      timers (~> 4.0.0)
    colorator (0.1)
    excon (0.45.3)
    faraday (0.9.1)
      multipart-post (>= 1.2, < 3)
    faraday_middleware (0.9.1)
      faraday (>= 0.7.4, < 0.10)
    ffi (1.9.8)
    ffi-extra (0.1.0)
      ffi
    ffi-inline (0.0.4.3)
      ffi (>= 0.4.0)
    hashie (3.4.2)
    hitimes (1.2.2)
    iso-639 (0.2.5)
    jekyll (3.0.0.pre.beta6)
      colorator (~> 0.1)
      jekyll-sass-converter (~> 1.0)
      jekyll-watch (~> 1.1)
      kramdown (~> 1.3)
      liquid (~> 3.0)
      mercenary (~> 0.3.3)
      rouge (~> 1.7)
      safe_yaml (~> 1.0)
    jekyll-sass-converter (1.3.0)
      sass (~> 3.2)
    jekyll-watch (1.2.1)
      listen (~> 2.7)
    kramdown (1.7.0)
    liquid (3.0.3)
    listen (2.10.0)
      celluloid (~> 0.16.0)
      rb-fsevent (>= 0.9.3)
      rb-inotify (>= 0.9)
    mercenary (0.3.5)
    mini_magick (4.2.7)
    multipart-post (2.0.0)
    rb-fsevent (0.9.5)
    rb-inotify (0.9.5)
      ffi (>= 0.5.0)
    refining (0.0.5.5)
    rouge (1.9.0)
    safe_yaml (1.0.4)
    sass (3.4.14)
    tesseract-ocr (0.1.7)
      call-me
      ffi-extra
      ffi-inline
      iso-639
    timers (4.0.1)
      hitimes
    wikidata-client (0.0.7)
      excon (~> 0.40)
      faraday (~> 0.9)
      faraday_middleware (~> 0.9)
      hashie (~> 3.3)

PLATFORMS
  ruby

DEPENDENCIES
  jekyll (~> 3.0.0pre.beta)
  jekyll-wikidata!
  mini_magick
  tesseract-ocr

BUNDLED WITH
   1.10.3
